GEM
  remote: https://rubygems.org/
  specs:
    adsf (1.2.0)
      rack (>= 1.0.0)
    chunky_png (1.2.7)
    colored (1.2)
    compass (0.12.2)
      chunky_png (~> 1.2)
      fssm (>= 0.2.7)
      sass (~> 3.1)
    cri (2.4.1)
      colored (>= 1.2)
    fssm (0.2.10)
    haml (4.0.4)
      tilt
    nanoc (3.6.7)
      cri (~> 2.3)
    rack (1.5.2)
    sass (3.2.13)
    tilt (1.4.1)

PLATFORMS
  ruby

DEPENDENCIES
  adsf
  compass
  haml
  nanoc
  sass
